GEM
  remote: http://rubygems.org/
  specs:
    addressable (2.3.4)
    dm-core (1.2.1)
      addressable (~> 2.3)
    haml (4.0.3)
      tilt
    rack (1.5.2)
    rack-protection (1.5.0)
      rack
    sinatra (1.4.3)
      rack (~> 1.4)
      rack-protection (~> 1.4)
      tilt (~> 1.3, >= 1.3.4)
    tilt (1.4.1)

PLATFORMS
  ruby

DEPENDENCIES
  dm-core
  haml
  sinatra
